GEM
  remote: https://rubygems.org/
  specs:
    awesome_print (1.8.0)
    dotenv (2.5.0)
    rake (12.3.1)

PLATFORMS
  ruby

DEPENDENCIES
  awesome_print (~> 1.8)
  dotenv (~> 2.2)
  rake (~> 12.0)

BUNDLED WITH
   1.16.4
